NUGET
  remote: https://www.nuget.org/api/v2
    Expression.Blend.Sdk (1.0.2) - restriction: >= net45
    FAKE (4.4.6)
    FSharp.Core (4.6.2) - restriction: >= net45
    FSharp.ViewModule.Core (0.9.9.1) - restriction: >= net45
    FsUnit (1.3.0.1) - restriction: >= net45
      NUnit (>= 2.6.3)
    FsXaml.Wpf (0.9.9) - restriction: >= net45
      Expression.Blend.Sdk (>= 1.0.2) - restriction: >= net45
    MonoGame.Framework.WindowsDX (3.3) - restriction: >= net45
    NUnit (2.6.4) - restriction: >= net45
    NUnit.Runners (2.6.4)
    YamlDotNet (3.5.1) - restriction: >= net45
