NUGET
  remote: https://nuget.org/api/v2
  specs:
    Expression.Blend.Sdk (1.0.2) - framework: >= net45
    FAKE (4.4.6)
    FsCheck (1.0.4) - framework: >= net45
    FSharp.ViewModule.Core (0.9.9.1) - framework: >= net45
    FsUnit (1.3.0.1) - framework: >= net45
      NUnit (>= 2.6.3)
    FsXaml.Wpf (0.9.9) - framework: >= net45
      Expression.Blend.Sdk (>= 1.0.2) - framework: >= net45
    MonoGame.Framework.WindowsDX (3.3.0.0) - framework: >= net45
    NUnit (2.6.4) - framework: >= net45
    NUnit.Runners (2.6.4)
    YamlDotNet (3.5.1) - framework: >= net45
